GEM
  remote: https://rubygems.org/
  specs:
    ffi (1.9.14)

PLATFORMS
  ruby

DEPENDENCIES
  ffi (~> 1.9.14)

BUNDLED WITH
   1.12.5
